PATH
  remote: ../fcore
  specs:
    fcore (0.0.1)
      http-parser-lite (~> 0.6.0)

PATH
  remote: .
  specs:
    sliver (0.0.1)
      fcore (~> 0.0.1)

GEM
  remote: https://rubygems.org/
  specs:
    http-parser-lite (0.6.0)

PLATFORMS
  ruby

DEPENDENCIES
  fcore!
  sliver!

BUNDLED WITH
   1.16.1
